GEM
  remote: https://rubygems.org/
  specs:
    gepub (0.6.9.2)
      nokogiri (~> 1.6.1)
      rubyzip (>= 1.1.1)
    mini_portile (0.5.3)
    nokogiri (1.6.1)
      mini_portile (~> 0.5.0)
    redcarpet (3.0.0)
    rubyzip (1.1.3)
    thor (0.19.1)

PLATFORMS
  ruby

DEPENDENCIES
  gepub
  redcarpet
  thor
